PATH
  remote: ../pith
  specs:
    pith (0.4.0)
      clamp (>= 0.3.0)
      listen (~> 1.2)
      rack (>= 1.2.1)
      rack-livejs (>= 0.2.1)
      thin (>= 1.2.7)
      tilt (~> 1.3)

GEM
  remote: https://rubygems.org/
  specs:
    builder (3.2.2)
    clamp (0.6.4)
    daemons (1.1.9)
    eventmachine (1.0.7)
    ffi (1.9.6)
    haml (4.0.6)
      tilt
    listen (1.3.1)
      rb-fsevent (>= 0.9.3)
      rb-inotify (>= 0.9)
      rb-kqueue (>= 0.2)
    rack (1.6.0)
    rack-livejs (0.2.1)
      rack
    rake (10.4.2)
    rb-fsevent (0.9.4)
    rb-inotify (0.9.5)
      ffi (>= 0.5.0)
    rb-kqueue (0.2.3)
      ffi (>= 0.5.0)
    redcarpet (2.2.2)
    sass (3.3.7)
    thin (1.6.3)
      daemons (~> 1.0, >= 1.0.9)
      eventmachine (~> 1.0)
      rack (~> 1.0)
    tilt (1.4.1)
    wikiwah (0.1.4)

PLATFORMS
  ruby

DEPENDENCIES
  builder
  haml
  pith!
  rake
  redcarpet (~> 2.2.2)
  sass
  wikiwah (~> 0.1.4)
