PATH
  remote: /Users/mdub/Projects/pith
  specs:
    pith (0.3.1.dev)
      clamp (>= 0.3.0)
      rack (>= 1.2.1)
      thin (>= 1.2.7)
      tilt (>= 1.3)

GEM
  remote: http://rubygems.org/
  specs:
    builder (2.1.2)
    clamp (0.3.1)
    daemons (1.1.8)
    eventmachine (0.12.10)
    haml (3.0.22)
    rack (1.4.1)
    rake (0.8.7)
    rdiscount (1.6.5)
    thin (1.3.1)
      daemons (>= 1.0.9)
      eventmachine (>= 0.12.6)
      rack (>= 1.0.0)
    tilt (1.3.3)
    wikiwah (0.0.3)

PLATFORMS
  ruby

DEPENDENCIES
  builder
  haml
  pith!
  rake
  rdiscount
  wikiwah (~> 0.0.3)
