GEM
  remote: https://rubygems.org/
  specs:
    builder (3.2.3)
    clamp (1.2.1)
    daemons (1.2.6)
    eventmachine (1.2.6)
    ffi (1.9.23)
    haml (5.0.4)
      temple (>= 0.8.0)
      tilt
    listen (3.1.5)
      rb-fsevent (~> 0.9, >= 0.9.4)
      rb-inotify (~> 0.9, >= 0.9.7)
      ruby_dep (~> 1.2)
    pith (0.5.0)
      clamp (>= 1.2.1)
      listen (>= 3.1)
      rack (>= 2.0)
      rack-livejs (>= 0.2.1)
      thin (>= 1.7.0)
      tilt (~> 2.0)
    rack (2.0.5)
    rack-livejs (0.2.1)
      rack
    rake (12.3.1)
    rb-fsevent (0.10.3)
    rb-inotify (0.9.10)
      ffi (>= 0.5.0, < 2)
    redcarpet (3.4.0)
    ruby_dep (1.5.0)
    sass (3.5.6)
      sass-listen (~> 4.0.0)
    sass-listen (4.0.0)
      rb-fsevent (~> 0.9, >= 0.9.4)
      rb-inotify (~> 0.9, >= 0.9.7)
    temple (0.8.0)
    thin (1.7.2)
      daemons (~> 1.0, >= 1.0.9)
      eventmachine (~> 1.0, >= 1.0.4)
      rack (>= 1, < 3)
    tilt (2.0.8)
    wikiwah (0.1.4)

PLATFORMS
  ruby

DEPENDENCIES
  builder
  haml
  pith
  rake
  redcarpet
  sass
  wikiwah

BUNDLED WITH
   1.16.1
