GEM
  remote: http://rubygems.org/
  specs:
    adsf (1.0.1)
      rack (>= 1.0.0)
    builder (2.1.2)
    clamp (0.1.8)
    daemons (1.1.3)
    eventmachine (0.12.10)
    haml (3.0.22)
    pith (0.1.1)
      adsf (~> 1.0.1)
      clamp (~> 0.1.7)
      rack (~> 1.2.1)
      thin (~> 1.2.7)
      tilt (~> 1.1)
    rack (1.2.2)
    rake (0.8.7)
    rdiscount (1.6.5)
    thin (1.2.11)
      daemons (>= 1.0.9)
      eventmachine (>= 0.12.6)
      rack (>= 1.0.0)
    tilt (1.3)
    wikiwah (0.0.3)

PLATFORMS
  ruby

DEPENDENCIES
  builder
  haml
  pith (~> 0.1.1)
  rake
  rdiscount
  wikiwah (~> 0.0.3)
