GEM
  remote: https://rubygems.org/
  specs:
    builder (3.2.3)
    clamp (1.3.1)
    daemons (1.3.1)
    eventmachine (1.2.7)
    ffi (1.11.1)
    haml (5.1.2)
      temple (>= 0.8.0)
      tilt
    listen (3.1.5)
      rb-fsevent (~> 0.9, >= 0.9.4)
      rb-inotify (~> 0.9, >= 0.9.7)
      ruby_dep (~> 1.2)
    pith (0.5.1)
      clamp (>= 1.2.1)
      listen (>= 3.1)
      rack (>= 2.0)
      rack-livejs (>= 0.2.1)
      thin (>= 1.7.0)
      tilt (~> 2.0)
    rack (2.0.7)
    rack-livejs (0.2.1)
      rack
    rake (12.3.3)
    rb-fsevent (0.10.3)
    rb-inotify (0.10.0)
      ffi (~> 1.0)
    redcarpet (3.5.0)
    ruby_dep (1.5.0)
    sass (3.7.4)
      sass-listen (~> 4.0.0)
    sass-listen (4.0.0)
      rb-fsevent (~> 0.9, >= 0.9.4)
      rb-inotify (~> 0.9, >= 0.9.7)
    temple (0.8.1)
    thin (1.7.2)
      daemons (~> 1.0, >= 1.0.9)
      eventmachine (~> 1.0, >= 1.0.4)
      rack (>= 1, < 3)
    tilt (2.0.9)
    wikiwah (0.1.4)

PLATFORMS
  ruby

DEPENDENCIES
  builder
  haml
  pith
  rake
  redcarpet
  sass
  wikiwah

BUNDLED WITH
   1.17.3
