GEM
  remote: https://rubygems.org/
  specs:
    builder (3.2.4)
    clamp (1.3.2)
    daemons (1.4.1)
    eventmachine (1.2.7)
    ffi (1.15.5)
    haml (5.2.2)
      temple (>= 0.8.0)
      tilt
    listen (3.8.0)
      rb-fsevent (~> 0.10, >= 0.10.3)
      rb-inotify (~> 0.9, >= 0.9.10)
    pith (0.5.1)
      clamp (>= 1.2.1)
      listen (>= 3.1)
      rack (>= 2.0)
      rack-livejs (>= 0.2.1)
      thin (>= 1.7.0)
      tilt (~> 2.0)
    rack (2.2.8)
    rack-livejs (0.2.1)
      rack
    rake (13.0.6)
    rb-fsevent (0.11.2)
    rb-inotify (0.10.1)
      ffi (~> 1.0)
    redcarpet (3.6.0)
    sass (3.7.4)
      sass-listen (~> 4.0.0)
    sass-listen (4.0.0)
      rb-fsevent (~> 0.9, >= 0.9.4)
      rb-inotify (~> 0.9, >= 0.9.7)
    temple (0.10.2)
    thin (1.8.2)
      daemons (~> 1.0, >= 1.0.9)
      eventmachine (~> 1.0, >= 1.0.4)
      rack (>= 1, < 3)
    tilt (2.1.0)
    wikiwah (0.1.4)

PLATFORMS
  ruby

DEPENDENCIES
  builder
  haml (~> 5.2)
  pith
  rake
  redcarpet
  sass
  wikiwah

BUNDLED WITH
   2.4.19
