GIT
  remote: https://github.com/mdub/pith.git
  revision: 044fcf317fc6a05ad036bd354ad19fc104ab0f58
  ref: 044fcf3
  specs:
    pith (0.3.4)
      clamp (>= 0.3.0)
      listen (>= 1.2.0)
      rack (>= 1.2.1)
      rack-livejs (>= 0.2.0)
      thin (>= 1.2.7)
      tilt (>= 1.3)

GEM
  remote: https://rubygems.org/
  specs:
    builder (2.1.2)
    clamp (0.6.1)
    daemons (1.1.9)
    eventmachine (1.0.3)
    ffi (1.9.0)
    haml (3.0.22)
    listen (1.2.2)
      rb-fsevent (>= 0.9.3)
      rb-inotify (>= 0.9)
      rb-kqueue (>= 0.2)
    rack (1.5.2)
    rack-livejs (0.2.0)
      rack
    rake (0.8.7)
    rb-fsevent (0.9.3)
    rb-inotify (0.9.0)
      ffi (>= 0.5.0)
    rb-kqueue (0.2.0)
      ffi (>= 0.5.0)
    redcarpet (2.2.2)
    thin (1.5.1)
      daemons (>= 1.0.9)
      eventmachine (>= 0.12.6)
      rack (>= 1.0.0)
    tilt (1.4.1)
    wikiwah (0.1.4)

PLATFORMS
  ruby

DEPENDENCIES
  builder
  haml
  pith (~> 0.3.1)!
  rake
  redcarpet (~> 2.2.2)
  wikiwah (~> 0.1.4)
