PATH
  remote: ../pith
  specs:
    pith (0.4.0)
      clamp (>= 0.3.0)
      listen (~> 1.2)
      rack (>= 1.2.1)
      rack-livejs (>= 0.2.1)
      thin (>= 1.2.7)
      tilt (~> 1.3)

GEM
  remote: https://rubygems.org/
  specs:
    builder (2.1.2)
    clamp (0.6.3)
    daemons (1.1.9)
    eventmachine (1.0.3)
    ffi (1.9.3)
    haml (3.0.22)
    listen (1.3.1)
      rb-fsevent (>= 0.9.3)
      rb-inotify (>= 0.9)
      rb-kqueue (>= 0.2)
    rack (1.5.2)
    rack-livejs (0.2.1)
      rack
    rake (0.8.7)
    rb-fsevent (0.9.4)
    rb-inotify (0.9.3)
      ffi (>= 0.5.0)
    rb-kqueue (0.2.0)
      ffi (>= 0.5.0)
    redcarpet (2.2.2)
    thin (1.6.2)
      daemons (>= 1.0.9)
      eventmachine (>= 1.0.0)
      rack (>= 1.0.0)
    tilt (1.4.1)
    wikiwah (0.1.4)

PLATFORMS
  ruby

DEPENDENCIES
  builder
  haml
  pith!
  rake
  redcarpet (~> 2.2.2)
  wikiwah (~> 0.1.4)
