PATH
  remote: ../pith
  specs:
    pith (0.3.4)
      clamp (>= 0.3.0)
      rack (>= 1.2.1)
      rack-livereload (>= 0.3.14)
      thin (>= 1.2.7)
      tilt (>= 1.3)

GEM
  remote: https://rubygems.org/
  specs:
    builder (2.1.2)
    clamp (0.6.1)
    daemons (1.1.9)
    eventmachine (1.0.3)
    haml (3.0.22)
    rack (1.5.2)
    rack-livereload (0.3.14)
      rack
    rake (0.8.7)
    rdiscount (1.6.5)
    thin (1.5.1)
      daemons (>= 1.0.9)
      eventmachine (>= 0.12.6)
      rack (>= 1.0.0)
    tilt (1.4.0)
    wikiwah (0.1.0)

PLATFORMS
  ruby

DEPENDENCIES
  builder
  haml
  pith (~> 0.3.1)!
  rake
  rdiscount
  wikiwah (~> 0.1.0)
